GEM
  remote: https://www.rubygems.org/
  specs:
    colorize (0.8.1)
    diff-lcs (1.5.0)
    rspec-expectations (3.12.2)
      diff-lcs (>= 1.2.0, < 2.0)
      rspec-support (~> 3.12.0)
    rspec-support (3.12.0)

PLATFORMS
  arm64-darwin-22

DEPENDENCIES
  colorize
  rspec-expectations

BUNDLED WITH
   2.4.6
